PATH
  remote: /Users/eberry/Projects/open_source/pro_motion
  specs:
    ProMotion (0.2.0)

GEM
  remote: https://rubygems.org/
  specs:
    bubble-wrap (1.1.4)

PLATFORMS
  ruby

DEPENDENCIES
  ProMotion!
  bubble-wrap
